GEM
  remote: https://rubygems.org/
  specs:
    RedCloth (4.2.9)
    activesupport (3.2.13)
      i18n (= 0.6.1)
      multi_json (~> 1.0)
    coderay (1.0.9)
    fetcher (0.1.0)
    ffi (1.6.0)
    guard (1.6.2)
      listen (>= 0.6.0)
      lumberjack (>= 1.0.2)
      pry (>= 0.9.10)
      terminal-table (>= 1.4.3)
      thor (>= 0.14.6)
    guard-shell (0.5.1)
      guard (>= 1.1.0)
    i18n (0.6.1)
    kramdown (1.0.1)
    libnotify (0.8.0)
      ffi (>= 1.0.11)
    listen (0.7.3)
    logutils (0.6.0)
    lumberjack (1.0.3)
    markdown (1.0.0)
      kramdown (>= 0.13.7)
      props (>= 1.0.0)
      textutils (>= 0.2.0)
    method_source (0.8.1)
    multi_json (1.7.2)
    pakman (0.4.0)
      fetcher (>= 0.1.0)
    props (1.0.0)
    pry (0.9.12)
      coderay (~> 1.0.5)
      method_source (~> 0.8)
      slop (~> 3.4)
    rb-fchange (0.0.6)
      ffi
    rb-fsevent (0.9.3)
    rb-inotify (0.9.0)
      ffi (>= 0.5.0)
    slideshow (1.2.3)
      RedCloth (>= 4.2.9)
      activesupport (>= 3.2.6)
      markdown (>= 1.0.0)
      pakman (>= 0.4.0)
      props (>= 1.0.0)
      textutils (>= 0.2.0)
    slop (3.4.4)
    terminal-table (1.4.5)
    textutils (0.5.2)
      logutils (~> 0.5)
    thor (0.18.0)

PLATFORMS
  ruby

DEPENDENCIES
  guard
  guard-shell
  libnotify
  rb-fchange
  rb-fsevent
  rb-inotify
  slideshow
